GIT
  remote: git://github.com/medusa-project/httpclient.git
  revision: f676352ceaecb61ecca722b36c920c2a0bb52e8b
  specs:
    httpclient (2.6.0.1)

PATH
  remote: .
  specs:
    active-medusa (0.1.0)
      activemodel
      activesupport
      globalid
      rdf (~> 1.1.13)
      rdf-turtle (~> 1.1.7)
      rsolr

GEM
  remote: https://rubygems.org/
  specs:
    activemodel (4.2.1)
      activesupport (= 4.2.1)
      builder (~> 3.1)
    activesupport (4.2.1)
      i18n (~> 0.7)
      json (~> 1.7, >= 1.7.7)
      minitest (~> 5.1)
      thread_safe (~> 0.3, >= 0.3.4)
      tzinfo (~> 1.1)
    builder (3.2.2)
    ebnf (0.3.9)
      rdf (~> 1.1)
      sxp (~> 0.1, >= 0.1.3)
    globalid (0.3.5)
      activesupport (>= 4.1.0)
    i18n (0.7.0)
    json (1.8.2)
    link_header (0.0.8)
    minitest (5.6.1)
    rake (10.4.2)
    rdf (1.1.13)
      link_header (~> 0.0, >= 0.0.8)
    rdf-turtle (1.1.7)
      ebnf (~> 0.3, >= 0.3.6)
      rdf (~> 1.1, >= 1.1.10)
    rdoc (4.2.0)
      json (~> 1.4)
    rsolr (1.0.12)
      builder (>= 2.1.2)
    sxp (0.1.5)
    thread_safe (0.3.5)
    tzinfo (1.2.2)
      thread_safe (~> 0.1)
    yard (0.8.7.6)

PLATFORMS
  ruby

DEPENDENCIES
  active-medusa!
  bundler (~> 1.9)
  httpclient!
  minitest
  rake (~> 10.0)
  rdoc
  yard
